GEM
  remote: https://rubygems.org/
  specs:
    base64 (0.3.0)
    bcrypt (3.1.20)
    ffi (1.17.2-x64-mingw-ucrt)
    listen (3.9.0)
      rb-fsevent (~> 0.10, >= 0.10.3)
      rb-inotify (~> 0.9, >= 0.9.10)
    logger (1.7.0)
    multi_json (1.17.0)
    mustermann (3.0.4)
      ruby2_keywords (~> 0.0.1)
    nio4r (2.7.4)
    pg (1.6.1-x64-mingw-ucrt)
    puma (6.6.1)
      nio4r (~> 2.0)
    rack (3.2.0)
    rack-cors (3.0.0)
      logger
      rack (>= 3.0.14)
    rack-protection (4.1.1)
      base64 (>= 0.1.0)
      logger (>= 1.6.0)
      rack (>= 3.0.0, < 4)
    rack-session (2.1.1)
      base64 (>= 0.1.0)
      rack (>= 3.0.0)
    rackup (2.2.1)
      rack (>= 3)
    rake (13.3.0)
    rb-fsevent (0.11.2)
    rb-inotify (0.11.1)
      ffi (~> 1.0)
    rerun (0.14.0)
      listen (~> 3.0)
    ruby2_keywords (0.0.5)
    sinatra (4.1.1)
      logger (>= 1.6.0)
      mustermann (~> 3.0)
      rack (>= 3.0.0, < 4)
      rack-protection (= 4.1.1)
      rack-session (>= 2.0.0, < 3)
      tilt (~> 2.0)
    sinatra-contrib (4.1.1)
      multi_json (>= 0.0.2)
      mustermann (~> 3.0)
      rack-protection (= 4.1.1)
      sinatra (= 4.1.1)
      tilt (~> 2.0)
    tilt (2.6.1)

PLATFORMS
  x64-mingw-ucrt

DEPENDENCIES
  bcrypt
  pg
  puma
  rack-cors
  rackup
  rake
  rerun
  sinatra
  sinatra-contrib

BUNDLED WITH
   2.6.7
